GEM
  remote: https://rubygems.org/
  specs:
    charty (0.2.11)
      matplotlib (>= 1.2.0)
      pandas (>= 0.3.5)
      playwright-ruby-client
      red-colors (>= 0.3.0)
      red-datasets (>= 0.1.2)
      red-palette (>= 0.5.0)
    concurrent-ruby (1.1.9)
    csv (3.2.0)
    faker (2.19.0)
      i18n (>= 1.6, < 2)
    i18n (1.8.10)
      concurrent-ruby (~> 1.0)
    matplotlib (1.2.0)
      pycall (>= 1.0.0)
    matrix (0.4.2)
    mime-types (3.3.1)
      mime-types-data (~> 3.2015)
    mime-types-data (3.2021.0901)
    numpy (0.4.0)
      pycall (>= 1.2.0.beta1)
    pandas (0.3.8)
      numpy
      pycall (>= 1.0.0)
    playwright-ruby-client (1.15.0)
      concurrent-ruby (>= 1.1.6)
      mime-types (>= 3.0)
    pycall (1.4.1)
    red-colors (0.3.0)
      matrix
    red-datasets (0.1.4)
      csv (>= 3.0.5)
      rexml
      rubyzip
    red-palette (0.5.0)
      red-colors (>= 0.3.0)
    rexml (3.2.5)
    rubyzip (2.3.2)

PLATFORMS
  x86_64-darwin-18

DEPENDENCIES
  charty (~> 0.2.8)!
  faker!

BUNDLED WITH
   2.2.3
